GEM
  remote: https://rubygems.org/
  specs:
    rubyfit (0.0.16)

PLATFORMS
  arm64-darwin-24
  ruby

DEPENDENCIES
  rubyfit

BUNDLED WITH
   2.5.18
